PATH
  remote: vendor/gems/door_stop
  specs:
    door_stop (1.0.0)
      rack (>= 1.2.0)

GEM
  remote: https://rubygems.org/
  specs:
    actionmailer (4.1.13)
      actionpack (= 4.1.13)
      actionview (= 4.1.13)
      mail (~> 2.5, >= 2.5.4)
    actionpack (4.1.13)
      actionview (= 4.1.13)
      activesupport (= 4.1.13)
      rack (~> 1.5.2)
      rack-test (~> 0.6.2)
    actionview (4.1.13)
      activesupport (= 4.1.13)
      builder (~> 3.1)
      erubis (~> 2.7.0)
    activemodel (4.1.13)
      activesupport (= 4.1.13)
      builder (~> 3.1)
    activerecord (4.1.13)
      activemodel (= 4.1.13)
      activesupport (= 4.1.13)
      arel (~> 5.0.0)
    activesupport (4.1.13)
      i18n (~> 0.6, >= 0.6.9)
      json (~> 1.7, >= 1.7.7)
      minitest (~> 5.1)
      thread_safe (~> 0.1)
      tzinfo (~> 1.1)
    addressable (2.3.6)
    arel (5.0.1.20140414130214)
    autoprefixer-rails (4.0.0.1)
      execjs
    aws-sdk (1.58.0)
      aws-sdk-v1 (= 1.58.0)
    aws-sdk-v1 (1.58.0)
      json (~> 1.4)
      nokogiri (>= 1.4.4)
    bcrypt (3.1.11)
    better_errors (2.1.1)
      coderay (>= 1.0.0)
      erubis (>= 2.6.6)
      rack (>= 0.9.0)
    binding_of_caller (0.7.2)
      debug_inspector (>= 0.0.1)
    builder (3.2.2)
    byebug (3.5.1)
      columnize (~> 0.8)
      debugger-linecache (~> 1.2)
      slop (~> 3.6)
    capybara (2.5.0)
      mime-types (>= 1.16)
      nokogiri (>= 1.3.3)
      rack (>= 1.0.0)
      rack-test (>= 0.5.4)
      xpath (~> 2.0)
    celluloid (0.16.0)
      timers (~> 4.0.0)
    childprocess (0.5.7)
      ffi (~> 1.0, >= 1.0.11)
    chronic (0.10.2)
    climate_control (0.0.3)
      activesupport (>= 3.0)
    cocaine (0.5.7)
      climate_control (>= 0.0.3, < 1.0)
    coderay (1.1.0)
    coffee-rails (4.0.1)
      coffee-script (>= 2.2.0)
      railties (>= 4.0.0, < 5.0)
    coffee-script (2.3.0)
      coffee-script-source
      execjs
    coffee-script-source (1.8.0)
    columnize (0.9.0)
    connection_pool (2.2.0)
    crack (0.4.2)
      safe_yaml (~> 1.0.0)
    database_cleaner (1.4.1)
    debug_inspector (0.0.2)
    debugger-linecache (1.2.0)
    delayed_paperclip (2.9.1)
      paperclip (>= 3.3)
    devise (4.2.0)
      bcrypt (~> 3.0)
      orm_adapter (~> 0.1)
      railties (>= 4.1.0, < 5.1)
      responders
      warden (~> 1.2.3)
    diff-lcs (1.2.5)
    dotenv (2.0.1)
    dotenv-rails (2.0.1)
      dotenv (= 2.0.1)
    erubis (2.7.0)
    execjs (2.6.0)
    factory_girl (4.5.0)
      activesupport (>= 3.0.0)
    factory_girl_rails (4.5.0)
      factory_girl (~> 4.5.0)
      railties (>= 3.0.0)
    faker (1.4.3)
      i18n (~> 0.5)
    ffi (1.9.10)
    foreigner (1.7.1)
      activerecord (>= 3.0.0)
    hike (1.2.3)
    hitimes (1.2.3)
    i18n (0.7.0)
    jbuilder (2.2.4)
      activesupport (>= 3.0.0, < 5)
      multi_json (~> 1.2)
    jquery-rails (3.1.4)
      railties (>= 3.0, < 5.0)
      thor (>= 0.14, < 2.0)
    json (1.8.3)
    json-schema (2.5.0)
      addressable (~> 2.3)
    launchy (2.4.3)
      addressable (~> 2.3)
    lograge (0.3.1)
      actionpack (>= 3)
      activesupport (>= 3)
      railties (>= 3)
    mail (2.6.3)
      mime-types (>= 1.16, < 3)
    memoizer (1.0.1)
    method_source (0.8.2)
    mime-types (2.6.2)
    mini_portile2 (2.0.0)
    minitest (5.8.3)
    multi_json (1.11.2)
    nokogiri (1.6.7)
      mini_portile2 (~> 2.0.0.rc2)
    oj (2.12.0)
    oj_mimic_json (1.0.1)
    orm_adapter (0.5.0)
    paperclip (4.2.2)
      activemodel (>= 3.0.0)
      activesupport (>= 3.0.0)
      cocaine (~> 0.5.3)
      mime-types
    pg (0.18.1)
    pry (0.10.1)
      coderay (~> 1.1.0)
      method_source (~> 0.8.1)
      slop (~> 3.4)
    pry-byebug (3.0.1)
      byebug (~> 3.4)
      pry (~> 0.10)
    puma (2.9.2)
      rack (>= 1.1, < 2.0)
    rack (1.5.5)
    rack-protection (1.5.3)
      rack
    rack-test (0.6.3)
      rack (>= 1.0)
    rails (4.1.13)
      actionmailer (= 4.1.13)
      actionpack (= 4.1.13)
      actionview (= 4.1.13)
      activemodel (= 4.1.13)
      activerecord (= 4.1.13)
      activesupport (= 4.1.13)
      bundler (>= 1.3.0, < 2.0)
      railties (= 4.1.13)
      sprockets-rails (~> 2.0)
    railties (4.1.13)
      actionpack (= 4.1.13)
      activesupport (= 4.1.13)
      rake (>= 0.8.7)
      thor (>= 0.18.1, < 2.0)
    rake (10.4.2)
    redis (3.2.2)
    redis-namespace (1.5.2)
      redis (~> 3.0, >= 3.0.4)
    responders (1.1.2)
      railties (>= 3.2, < 4.2)
    rspec-activemodel-mocks (1.0.1)
      activemodel (>= 3.0)
      activesupport (>= 3.0)
      rspec-mocks (>= 2.99, < 4.0)
    rspec-core (3.4.0)
      rspec-support (~> 3.4.0)
    rspec-expectations (3.4.0)
      diff-lcs (>= 1.2.0, < 2.0)
      rspec-support (~> 3.4.0)
    rspec-mocks (3.4.0)
      diff-lcs (>= 1.2.0, < 2.0)
      rspec-support (~> 3.4.0)
    rspec-rails (3.4.0)
      actionpack (>= 3.0, < 4.3)
      activesupport (>= 3.0, < 4.3)
      railties (>= 3.0, < 4.3)
      rspec-core (~> 3.4.0)
      rspec-expectations (~> 3.4.0)
      rspec-mocks (~> 3.4.0)
      rspec-support (~> 3.4.0)
    rspec-support (3.4.0)
    rubyzip (1.1.7)
    safe_yaml (1.0.4)
    sass (3.2.19)
    sass-rails (4.0.4)
      railties (>= 4.0.0, < 5.0)
      sass (~> 3.2.2)
      sprockets (~> 2.8, < 2.12)
      sprockets-rails (~> 2.0)
    selenium-webdriver (2.48.1)
      childprocess (~> 0.5)
      multi_json (~> 1.0)
      rubyzip (~> 1.0)
      websocket (~> 1.0)
    shoulda-matchers (2.7.0)
      activesupport (>= 3.0.0)
    sidekiq (3.4.2)
      celluloid (~> 0.16.0)
      connection_pool (~> 2.2, >= 2.2.0)
      json (~> 1.0)
      redis (~> 3.2, >= 3.2.1)
      redis-namespace (~> 1.5, >= 1.5.2)
    sinatra (1.4.5)
      rack (~> 1.4)
      rack-protection (~> 1.4)
      tilt (~> 1.3, >= 1.3.4)
    slop (3.6.0)
    spring (1.1.3)
    sprockets (2.11.3)
      hike (~> 1.2)
      multi_json (~> 1.0)
      rack (~> 1.0)
      tilt (~> 1.1, != 1.3.0)
    sprockets-rails (2.3.3)
      actionpack (>= 3.0)
      activesupport (>= 3.0)
      sprockets (>= 2.8, < 4.0)
    thor (0.19.1)
    thread_safe (0.3.5)
    tilt (1.4.1)
    timecop (0.7.1)
    timers (4.0.4)
      hitimes
    tzinfo (1.2.2)
      thread_safe (~> 0.1)
    uglifier (2.7.2)
      execjs (>= 0.3.0)
      json (>= 1.8.0)
    warden (1.2.7)
      rack (>= 1.0)
    webmock (1.20.4)
      addressable (>= 2.3.6)
      crack (>= 0.3.2)
    websocket (1.2.2)
    whenever (0.9.4)
      chronic (>= 0.6.3)
    xpath (2.0.0)
      nokogiri (~> 1.3)

PLATFORMS
  ruby

DEPENDENCIES
  autoprefixer-rails
  aws-sdk
  better_errors
  binding_of_caller
  byebug
  capybara
  coffee-rails
  database_cleaner
  delayed_paperclip
  devise (~> 4.2)
  door_stop!
  dotenv-rails
  factory_girl_rails
  faker
  foreigner
  jbuilder (~> 2.0)
  jquery-rails
  json-schema
  launchy
  lograge
  memoizer
  oj
  oj_mimic_json
  paperclip
  pg
  pry-byebug
  puma
  rails (= 4.1.13)
  rspec-activemodel-mocks
  rspec-rails
  sass-rails
  selenium-webdriver
  shoulda-matchers
  sidekiq (~> 3.4.0)
  sinatra (>= 1.3.0)
  spring
  timecop
  uglifier
  webmock
  whenever

BUNDLED WITH
   1.14.3
